GIT
  remote: https://github.com/regru/textpow.git
  revision: ff81fdebcc72baeed82d80dffd09a58d6aa9802f
  specs:
    textpow (1.3.1)
      plist (>= 3.0.1)

PATH
  remote: .
  specs:
    ultraviolet (1.0.1)

GEM
  remote: https://rubygems.org/
  specs:
    bump (0.4.1)
    diff-lcs (1.1.3)
    oniguruma (1.1.0)
    plist (3.1.0)
    rack (1.4.1)
    rake (0.9.2.2)
    rspec (2.11.0)
      rspec-core (~> 2.11.0)
      rspec-expectations (~> 2.11.0)
      rspec-mocks (~> 2.11.0)
    rspec-core (2.11.1)
    rspec-expectations (2.11.2)
      diff-lcs (~> 1.1.3)
    rspec-mocks (2.11.2)

PLATFORMS
  ruby

DEPENDENCIES
  bump
  oniguruma
  rack
  rake
  rspec
  textpow!
  ultraviolet!
